PATH
  remote: .
  specs:
    nin (0.0.0)
      toml-rb

GEM
  remote: https://rubygems.org/
  specs:
    byebug (10.0.2)
    citrus (3.0.2)
    minitest (5.11.3)
    toml-rb (1.1.2)
      citrus (~> 3.0, > 3.0)

PLATFORMS
  ruby

DEPENDENCIES
  byebug
  minitest
  nin!

BUNDLED WITH
   1.17.1
